GEM
  remote: https://rubygems.org/
  specs:
    abstract_type (0.0.7)
    adamantium (0.2.0)
      ice_nine (~> 0.11.0)
      memoizable (~> 0.4.0)
    anima (0.3.0)
      abstract_type (~> 0.0.7)
      adamantium (~> 0.2)
      equalizer (~> 0.0.11)
    ast (2.2.0)
    codeclimate-test-reporter (0.5.0)
      simplecov (>= 0.7.1, < 1.0.0)
    concord (0.1.5)
      adamantium (~> 0.2.0)
      equalizer (~> 0.0.9)
    curb (0.9.1)
    diff-lcs (1.2.5)
    discourse_api (0.8.1)
      faraday (~> 0.9.0)
      faraday_middleware (~> 0.9)
      rack (~> 1.5)
    docile (1.1.5)
    dotenv (2.1.0)
    equalizer (0.0.11)
    faraday (0.9.2)
      multipart-post (>= 1.2, < 3)
    faraday_middleware (0.10.0)
      faraday (>= 0.7.4, < 0.10)
    httparty (0.13.7)
      json (~> 1.8)
      multi_xml (>= 0.5.2)
    ice_nine (0.11.2)
    json (1.8.3)
    memoizable (0.4.2)
      thread_safe (~> 0.3, >= 0.3.1)
    mini_portile2 (2.4.0)
    morpher (0.2.6)
      abstract_type (~> 0.0.7)
      adamantium (~> 0.2.0)
      anima (~> 0.3.0)
      ast (~> 2.2)
      concord (~> 0.1.5)
      equalizer (~> 0.0.9)
      ice_nine (~> 0.11.0)
      procto (~> 0.0.2)
    multi_xml (0.5.5)
    multipart-post (2.0.0)
    mutant (0.8.10)
      abstract_type (~> 0.0.7)
      adamantium (~> 0.2.0)
      anima (~> 0.3.0)
      ast (~> 2.2)
      concord (~> 0.1.5)
      diff-lcs (~> 1.2)
      equalizer (~> 0.0.9)
      ice_nine (~> 0.11.1)
      memoizable (~> 0.4.2)
      morpher (~> 0.2.6)
      parallel (~> 1.3)
      parser (~> 2.3.0)
      procto (~> 0.0.2)
      unparser (~> 0.2.5)
    mutant-rspec (0.8.8)
      mutant (~> 0.8.8)
      rspec-core (>= 3.2.0, < 3.5.0)
    nokogiri (1.10.8)
      mini_portile2 (~> 2.4.0)
    parallel (1.6.2)
    parser (2.3.0.6)
      ast (~> 2.2)
    powerpack (0.1.1)
    procto (0.0.3)
    rack (1.6.4)
    rainbow (2.1.0)
    rake (11.0.1)
    rspec (3.4.0)
      rspec-core (~> 3.4.0)
      rspec-expectations (~> 3.4.0)
      rspec-mocks (~> 3.4.0)
    rspec-core (3.4.4)
      rspec-support (~> 3.4.0)
    rspec-expectations (3.4.0)
      diff-lcs (>= 1.2.0, < 2.0)
      rspec-support (~> 3.4.0)
    rspec-mocks (3.4.1)
      diff-lcs (>= 1.2.0, < 2.0)
      rspec-support (~> 3.4.0)
    rspec-support (3.4.1)
    rubocop (0.38.0)
      parser (>= 2.3.0.6, < 3.0)
      powerpack (~> 0.1)
      rainbow (>= 1.99.1, < 3.0)
      ruby-progressbar (~> 1.7)
      unicode-display_width (~> 1.0, >= 1.0.1)
    ruby-progressbar (1.7.5)
    simplecov (0.11.2)
      docile (~> 1.1.0)
      json (~> 1.8)
      simplecov-html (~> 0.10.0)
    simplecov-html (0.10.0)
    thread_safe (0.3.5)
    unicode-display_width (1.0.2)
    unparser (0.2.5)
      abstract_type (~> 0.0.7)
      adamantium (~> 0.2.0)
      concord (~> 0.1.5)
      diff-lcs (~> 1.2.5)
      equalizer (~> 0.0.9)
      parser (~> 2.3.0)
      procto (~> 0.0.2)

PLATFORMS
  ruby

DEPENDENCIES
  abstract_type
  codeclimate-test-reporter
  curb
  discourse_api
  dotenv
  httparty
  mutant-rspec
  nokogiri
  rake
  rspec
  rubocop

BUNDLED WITH
   1.11.2
